PATH
  remote: .
  specs:
    bridge_interactive (0.1.1)
      httpclient (~> 2.8)

GEM
  remote: https://rubygems.org/
  specs:
    httpclient (2.8.3)
    rake (13.2.1)

PLATFORMS
  ruby
  x86_64-darwin-22

DEPENDENCIES
  bridge_interactive!
  rake (~> 13.0)

BUNDLED WITH
   2.5.18
